GIT
  remote: git://github.com/tastycode/dependence.git
  revision: 9e14ca02500c85a5d5a0464c57a23c34ad37595f
  specs:
    dependence (0.0.1)

GEM
  remote: http://rubygems.org/
  specs:
    addressable (2.3.2)
    ansi (1.4.3)
    backports (2.6.4)
    capistrano (3.1.0)
      i18n
      rake (>= 10.0.0)
      sshkit (~> 1.3)
    capistrano-unicorn (0.1.6)
      capistrano
    capybara (1.1.2)
      mime-types (>= 1.16)
      nokogiri (>= 1.3.3)
      rack (>= 1.0.0)
      rack-test (>= 0.5.4)
      selenium-webdriver (~> 2.0)
      xpath (~> 0.1.4)
    childprocess (0.3.5)
      ffi (~> 1.0, >= 1.0.6)
    coderay (1.0.7)
    colorize (0.5.8)
    eventmachine (0.12.10)
    ffi (1.1.5)
    gherkin-ruby (0.2.1)
    guard (1.3.2)
      listen (>= 0.4.2)
      thor (>= 0.14.6)
    guard-minitest (0.5.0)
      guard (>= 0.4)
    haml (3.1.7)
    hpricot (0.8.6)
    i18n (0.6.9)
    kgio (2.7.4)
    libwebsocket (0.1.5)
      addressable
    listen (0.4.7)
      rb-fchange (~> 0.0.5)
      rb-fsevent (~> 0.9.1)
      rb-inotify (~> 0.8.8)
    metaclass (0.0.1)
    method_source (0.8)
    mime-types (1.19)
    minitest (3.3.0)
    mocha (0.12.3)
      metaclass (~> 0.0.1)
    multi_json (1.3.6)
    mustache (0.99.4)
    net-scp (1.1.2)
      net-ssh (>= 2.6.5)
    net-ssh (2.8.0)
    nokogiri (1.5.5)
    pry (0.9.10)
      coderay (~> 1.0.5)
      method_source (~> 0.8)
      slop (~> 3.3.1)
    pry-nav (0.2.2)
      pry (~> 0.9.10)
    rack (1.4.1)
    rack-protection (1.2.0)
      rack
    rack-test (0.6.1)
      rack (>= 1.0)
    raindrops (0.10.0)
    rake (10.1.1)
    rb-fchange (0.0.5)
      ffi
    rb-fsevent (0.9.1)
    rb-inotify (0.8.8)
      ffi (>= 0.5.0)
    rubyzip (0.9.9)
    rvm-capistrano (1.2.6)
      capistrano (>= 2.0.0)
    selenium-webdriver (2.25.0)
      childprocess (>= 0.2.5)
      libwebsocket (~> 0.1.3)
      multi_json (~> 1.0)
      rubyzip
    sinatra (1.3.3)
      rack (~> 1.3, >= 1.3.6)
      rack-protection (~> 1.2)
      tilt (~> 1.3, >= 1.3.3)
    sinatra-contrib (1.3.1)
      backports (>= 2.0)
      eventmachine
      rack-protection
      rack-test
      sinatra (~> 1.3.0)
      tilt (~> 1.3)
    slop (3.3.2)
    spinach (0.5.2)
      colorize
      gherkin-ruby (~> 0.2.0)
    sshkit (1.3.0)
      net-scp (>= 1.1.2)
      net-ssh
      term-ansicolor
    term-ansicolor (1.3.0)
      tins (~> 1.0)
    thor (0.16.0)
    tilt (1.3.3)
    tins (1.0.0)
    turn (0.9.6)
      ansi
    unicorn (4.3.1)
      kgio (~> 2.6)
      rack
      raindrops (~> 0.7)
    xpath (0.1.4)
      nokogiri (~> 1.3)

PLATFORMS
  ruby

DEPENDENCIES
  capistrano
  capistrano-unicorn
  capybara
  dependence!
  guard-minitest
  haml
  hpricot
  minitest
  mocha
  mustache
  pry
  pry-nav
  rvm-capistrano
  sinatra
  sinatra-contrib
  spinach
  turn
  unicorn
